PATH
  remote: .
  specs:
    win_auto_click (1.0.0)

GEM
  remote: http://rubygems.org/
  specs:

PLATFORMS
  x64-mingw-ucrt

DEPENDENCIES
  win_auto_click!

BUNDLED WITH
   2.4.19
