PATH
  remote: .
  specs:
    win_auto_click (2.0.0)

GEM
  remote: https://rubygems.org/
  specs:

PLATFORMS
  x64-mingw-ucrt

DEPENDENCIES
  win_auto_click!

BUNDLED WITH
   2.5.5
